PATH
  remote: .
  specs:
    rack-maintenance (1.0.0)
      json (>= 1.0.0)
      rack (>= 1.0)

GEM
  remote: http://rubygems.org/
  specs:
    diff-lcs (1.1.3)
    json (1.5.3)
    rack (1.5.2)
    rake (0.9.2.2)
    rspec (2.11.0)
      rspec-core (~> 2.11.0)
      rspec-expectations (~> 2.11.0)
      rspec-mocks (~> 2.11.0)
    rspec-core (2.11.1)
    rspec-expectations (2.11.3)
      diff-lcs (~> 1.1.3)
    rspec-mocks (2.11.3)

PLATFORMS
  ruby

DEPENDENCIES
  json
  rack-maintenance!
  rake
  rspec (>= 2.0)
